GIT
  remote: git://github.com/AlessandroBerardi/rtree.git
  revision: 09b7da159fe9b7eb6c475e368378606bcf4642f7
  specs:
    rtree (0.2.5)
      activesupport (>= 2.3.8)
      i18n (>= 0.6.0)

GEM
  remote: http://rubygems.org/
  specs:
    activesupport (3.1.0)
      multi_json (~> 1.0)
    diff-lcs (1.1.3)
    gem-this (0.3.7)
    i18n (0.6.0)
    multi_json (1.0.3)
    rake (0.9.2)
    rspec (2.6.0)
      rspec-core (~> 2.6.0)
      rspec-expectations (~> 2.6.0)
      rspec-mocks (~> 2.6.0)
    rspec-core (2.6.4)
    rspec-expectations (2.6.0)
      diff-lcs (~> 1.1.2)
    rspec-mocks (2.6.0)

PLATFORMS
  ruby

DEPENDENCIES
  gem-this
  rake
  rspec
  rtree (~> 0.2.5)!
